GEM
  remote: https://rubygems.org/
  specs:
    activemodel (5.1.4)
      activesupport (= 5.1.4)
    activesupport (5.1.4)
      concurrent-ruby (~> 1.0, >= 1.0.2)
      i18n (~> 0.7)
      minitest (~> 5.1)
      tzinfo (~> 1.1)
    bson (4.2.2)
    concurrent-ruby (1.0.5)
    haml (5.0.4)
      temple (>= 0.8.0)
      tilt
    hashie (3.5.6)
    i18n (0.9.1)
      concurrent-ruby (~> 1.0)
    jbuilder (2.7.0)
      activesupport (>= 4.2.0)
      multi_json (>= 1.2)
    minitest (5.10.3)
    moneta (1.0.0)
    mongo (2.4.3)
      bson (>= 4.2.1, < 5.0.0)
    mongoid (6.2.1)
      activemodel (~> 5.1)
      mongo (>= 2.4.1, < 3.0.0)
    multi_json (1.12.2)
    mustermann (1.0.1)
    oauth (0.5.3)
    omniauth (1.7.1)
      hashie (>= 3.4.6, < 3.6.0)
      rack (>= 1.6.2, < 3)
    omniauth-oauth (1.1.0)
      oauth
      omniauth (~> 1.0)
    omniauth-twitter (1.4.0)
      omniauth-oauth (~> 1.1)
      rack
    rack (2.0.3)
    rack-protection (2.0.0)
      rack
    shotgun (0.9.2)
      rack (>= 1.0)
    sinatra (2.0.0)
      mustermann (~> 1.0)
      rack (~> 2.0)
      rack-protection (= 2.0.0)
      tilt (~> 2.0)
    temple (0.8.0)
    thread_safe (0.3.6)
    tilt (2.0.8)
    tilt-jbuilder (0.7.1)
      jbuilder
      tilt (>= 1.3.0, < 3)
    tzinfo (1.2.4)
      thread_safe (~> 0.1)

PLATFORMS
  ruby

DEPENDENCIES
  haml
  moneta
  mongo
  mongoid
  omniauth-twitter
  shotgun
  sinatra
  tilt-jbuilder

BUNDLED WITH
   1.16.0
